GEM
  remote: https://rubygems.org/
  specs:
    activesupport (4.2.7.1)
      i18n (~> 0.7)
      json (~> 1.7, >= 1.7.7)
      minitest (~> 5.1)
      thread_safe (~> 0.3, >= 0.3.4)
      tzinfo (~> 1.1)
    autoprefixer-rails (6.5.3)
      execjs
    bootstrap-sass (3.3.6)
      autoprefixer-rails (>= 5.2.1)
      sass (>= 3.3.4)
    coffee-script (2.4.1)
      coffee-script-source
      execjs
    coffee-script-source (1.11.1)
    erubis (2.7.0)
    execjs (2.7.0)
    flatrack (1.4.1)
      activesupport (> 3.2, < 5.0)
      coffee-script (~> 2.2)
      erubis (~> 2.7)
      rack (~> 1.4)
      rack-contrib (~> 1.2)
      rake (> 0.8.7, < 10.4)
      sass (~> 3.2)
      sprockets-sass (~> 1.2)
      thor (~> 0.18)
      tilt (~> 1.1)
    git-version-bump (0.15.1)
    hike (1.2.3)
    i18n (0.7.0)
    json (1.8.3)
    minitest (5.10.0)
    multi_json (1.12.1)
    rack (1.6.5)
    rack-contrib (1.4.0)
      git-version-bump (~> 0.15)
      rack (~> 1.4)
    rake (10.3.2)
    sass (3.4.22)
    slim (3.0.7)
      temple (~> 0.7.6)
      tilt (>= 1.3.3, < 2.1)
    sprockets (2.12.4)
      hike (~> 1.2)
      multi_json (~> 1.0)
      rack (~> 1.0)
      tilt (~> 1.1, != 1.3.0)
    sprockets-sass (1.3.1)
      sprockets (~> 2.0)
      tilt (~> 1.1)
    temple (0.7.7)
    thor (0.19.4)
    thread_safe (0.3.5)
    tilt (1.4.1)
    tzinfo (1.2.2)
      thread_safe (~> 0.1)

PLATFORMS
  ruby

DEPENDENCIES
  bootstrap-sass
  flatrack (~> 1.4.1)
  sass
  slim

BUNDLED WITH
   1.13.1
